{
	"Modality": "MR",
	"MagneticFieldStrength": 3,
	"ImagingFrequency": 123.257,
	"Manufacturer": "Siemens",
	"ManufacturersModelName": "Prisma",
	"InstitutionName": "Tel-Aviv_University",
	"InstitutionalDepartmentName": "Department",
	"InstitutionAddress": "Street_StreetNo_._District_IL_ZIP",
	"DeviceSerialNumber": "66024",
	"StationName": "AWP66024",
	"BodyPartExamined": "BRAIN",
	"PatientPosition": "HFS",
	"ProcedureStepDescription": "TS_lab_Rani",
	"SoftwareVersions": "syngo_MR_E11",
	"MRAcquisitionType": "2D",
	"SeriesDescription": "cmrr_mbep2d_192vol-task",
	"ProtocolName": "cmrr_mbep2d_192vol-task",
	"ScanningSequence": "EP",
	"SequenceVariant": "SK_SS",
	"ScanOptions": "FS",
	"SequenceName": "epfid2d1_106",
	"ImageType": ["ORIGINAL", "PRIMARY", "M", "MB", "ND", "MOSAIC"],
	"SeriesNumber": 3,
	"AcquisitionTime": "11:05:32.045000",
	"AcquisitionNumber": 1,
	"ImageComments": "Unaliased_MB4_PE4_LB",
	"SliceThickness": 2,
	"SpacingBetweenSlices": 2.4,
	"SAR": 0.0986917,
	"EchoTime": 0.03,
	"RepetitionTime": 1,
	"FlipAngle": 68,
	"PartialFourier": 1,
	"BaseResolution": 106,
	"ShimSetting": [
		1888,
		-9690,
		2787,
		515,
		-85,
		-155,
		81,
		89	],
	"TxRefAmp": 229.058,
	"PhaseResolution": 1,
	"ReceiveCoilName": "HeadNeck_64",
	"ReceiveCoilActiveElements": "HC1-7;NC1",
	"PulseSequenceDetails": "%CustomerSeq%_cmrr_mbep2d_bold",
	"WipMemBlock": "1b324e8e-3cbe-433a-af37-de43dc0b6eb3||Sequence: R016 ve11e/master r/434b28f1; Aug  7 2019 18:53:46 by eja",
	"RefLinesPE": 32,
	"ConsistencyInfo": "N4_VE11E_LATEST_20181129",
	"MultibandAccelerationFactor": 4,
	"PercentPhaseFOV": 100,
	"EchoTrainLength": 53,
	"PhaseEncodingSteps": 106,
	"AcquisitionMatrixPE": 106,
	"ReconMatrixPE": 106,
	"BandwidthPerPixelPhaseEncode": 33.102,
	"ParallelReductionFactorInPlane": 2,
	"EffectiveEchoSpacing": 0.000284997,
	"DerivedVendorReportedEchoSpacing": 0.000569994,
	"TotalReadoutTime": 0.0299247,
	"PixelBandwidth": 2145,
	"DwellTime": 2.2e-06,
	"PhaseEncodingDirection": "j-",
	"SliceTiming": [
		0,
		0.4275,
		0.855,
		0.305,
		0.7325,
		0.1825,
		0.61,
		0.06,
		0.4875,
		0.9175,
		0.365,
		0.795,
		0.245,
		0.6725,
		0.1225,
		0.55,
		0,
		0.4275,
		0.855,
		0.305,
		0.7325,
		0.1825,
		0.61,
		0.06,
		0.4875,
		0.9175,
		0.365,
		0.795,
		0.245,
		0.6725,
		0.1225,
		0.55,
		0,
		0.4275,
		0.855,
		0.305,
		0.7325,
		0.1825,
		0.61,
		0.06,
		0.4875,
		0.9175,
		0.365,
		0.795,
		0.245,
		0.6725,
		0.1225,
		0.55,
		0,
		0.4275,
		0.855,
		0.305,
		0.7325,
		0.1825,
		0.61,
		0.06,
		0.4875,
		0.9175,
		0.365,
		0.795,
		0.245,
		0.6725,
		0.1225,
		0.55	],
	"ImageOrientationPatientDICOM": [
		0.999923,
		-0.00536989,
		-0.0111716,
		-0.00209421,
		0.815141,
		-0.579259	],
	"InPlanePhaseEncodingDirectionDICOM": "COL",
	"ConversionSoftware": "dcm2niix",
	"ConversionSoftwareVersion": "v1.0.20190902"
}
