{
	"Modality": "MR",
	"MagneticFieldStrength": 3,
	"ImagingFrequency": 123.26,
	"Manufacturer": "Siemens",
	"ManufacturersModelName": "Prisma",
	"InstitutionName": "Tel-Aviv_University",
	"InstitutionalDepartmentName": "Department",
	"InstitutionAddress": "Street_StreetNo_._District_IL_ZIP",
	"DeviceSerialNumber": "66024",
	"StationName": "AWP66024",
	"BodyPartExamined": "BRAIN",
	"PatientPosition": "HFS",
	"ProcedureStepDescription": "TS_lab_Rani",
	"SoftwareVersions": "syngo_MR_E11",
	"MRAcquisitionType": "2D",
	"SeriesDescription": "cmrr_mbep2d_diff_AP_64dir_D28.2d9.1_SBRef",
	"ProtocolName": "cmrr_mbep2d_diff_AP_64dir_D28.2d9.1",
	"ScanningSequence": "EP",
	"SequenceVariant": "SK_SS",
	"ScanOptions": "PFP_FS",
	"SequenceName": "epse2d1_132",
	"ImageType": ["ORIGINAL", "PRIMARY", "M", "ND", "NORM", "MOSAIC"],
	"SeriesNumber": 11,
	"AcquisitionTime": "14:03:20.787500",
	"AcquisitionNumber": 1,
	"ImageComments": "Single-band_reference_SENSE1",
	"SliceThickness": 1.7,
	"SpacingBetweenSlices": 1.7,
	"SAR": 0.199216,
	"EchoTime": 0.0594,
	"RepetitionTime": 4,
	"FlipAngle": 78,
	"PartialFourier": 0.875,
	"BaseResolution": 100,
	"ShimSetting": [
		1939,
		-9659,
		2782,
		476,
		-97,
		158,
		30,
		31	],
	"TxRefAmp": 238.632,
	"PhaseResolution": 1,
	"ReceiveCoilName": "HeadNeck_64",
	"ReceiveCoilActiveElements": "HC1-7;NC1",
	"PulseSequenceDetails": "%CustomerSeq%_cmrr_mbep2d_diff",
	"WipMemBlock": "64b286a1-e7f9-4fcd-8973-2cdc270c6bf8||Sequence: R016 ve11e/master r/434b28f1; Aug  7 2019 19:06:17 by eja",
	"RefLinesPE": 32,
	"ConsistencyInfo": "N4_VE11E_LATEST_20181129",
	"PercentPhaseFOV": 132,
	"EchoTrainLength": 57,
	"PhaseEncodingSteps": 114,
	"AcquisitionMatrixPE": 132,
	"ReconMatrixPE": 132,
	"BandwidthPerPixelPhaseEncode": 25.253,
	"ParallelReductionFactorInPlane": 2,
	"EffectiveEchoSpacing": 0.000299994,
	"DerivedVendorReportedEchoSpacing": 0.000599989,
	"TotalReadoutTime": 0.0392993,
	"PixelBandwidth": 1925,
	"DwellTime": 2.6e-06,
	"PhaseEncodingDirection": "j-",
	"SliceTiming": [
		0,
		0.095,
		0.19,
		0.285,
		0.38,
		0.475,
		0.57,
		0.6625,
		0.7575,
		0.8525,
		0.9475,
		1.0425,
		1.1375,
		1.2325,
		1.3275,
		1.4225,
		1.5175,
		1.61,
		1.705,
		1.8,
		1.895,
		1.99,
		2.085,
		2.18,
		2.275,
		2.37,
		2.465,
		2.56,
		2.6525,
		2.7475,
		2.8425,
		2.9375,
		3.0325,
		3.1275,
		3.2225,
		3.3175,
		3.4125,
		3.5075,
		3.6,
		3.695,
		3.79,
		3.885,
		3.98,
		4.075,
		4.17,
		4.265,
		4.36,
		4.455,
		4.55,
		4.6425,
		4.7375,
		4.8325,
		4.9275,
		5.0225,
		5.1175,
		5.2125,
		5.3075,
		5.4025,
		5.4975,
		5.59,
		5.685,
		5.78,
		5.875,
		5.97,
		6.065,
		6.16,
		6.255,
		6.35,
		6.445,
		6.54,
		6.6325,
		6.7275,
		6.8225,
		6.9175,
		7.0125,
		7.1075,
		7.2025,
		7.2975,
		7.3925,
		7.4875,
		7.58,
		7.675,
		7.77,
		7.865	],
	"ImageOrientationPatientDICOM": [
		0.996696,
		-0.0485324,
		0.0651341,
		0.0592146,
		0.983026,
		-0.173646	],
	"InPlanePhaseEncodingDirectionDICOM": "COL",
	"ConversionSoftware": "dcm2niix",
	"ConversionSoftwareVersion": "v1.0.20190902"
}
