{
	"Modality": "MR",
	"MagneticFieldStrength": 3,
	"ImagingFrequency": 123.257,
	"Manufacturer": "Siemens",
	"ManufacturersModelName": "Prisma",
	"InstitutionName": "Tel-Aviv_University",
	"InstitutionalDepartmentName": "Department",
	"InstitutionAddress": "Street_StreetNo_._District_IL_ZIP",
	"DeviceSerialNumber": "66024",
	"StationName": "AWP66024",
	"BodyPartExamined": "BRAIN",
	"PatientPosition": "HFS",
	"ProcedureStepDescription": "TS_lab_Rani",
	"SoftwareVersions": "syngo_MR_E11",
	"MRAcquisitionType": "2D",
	"SeriesDescription": "cmrr_rsfMRI_600vol_SBRef",
	"ProtocolName": "cmrr_rsfMRI_600vol",
	"ScanningSequence": "EP",
	"SequenceVariant": "SK_SS",
	"ScanOptions": "FS",
	"SequenceName": "epfid2d1_106",
	"ImageType": ["ORIGINAL", "PRIMARY", "M", "ND", "MOSAIC"],
	"SeriesNumber": 26,
	"AcquisitionTime": "17:54:42.432500",
	"AcquisitionNumber": 1,
	"ImageComments": "Single-band_reference",
	"SliceThickness": 2,
	"SpacingBetweenSlices": 2.4,
	"SAR": 0.12014,
	"EchoTime": 0.03,
	"RepetitionTime": 1,
	"FlipAngle": 68,
	"PartialFourier": 1,
	"BaseResolution": 106,
	"ShimSetting": [
		1887,
		-9679,
		2847,
		176,
		-47,
		-109,
		219,
		-15	],
	"TxRefAmp": 264.047,
	"PhaseResolution": 1,
	"ReceiveCoilName": "HeadNeck_64",
	"ReceiveCoilActiveElements": "HC1-7;NC1",
	"PulseSequenceDetails": "%CustomerSeq%_cmrr_mbep2d_bold",
	"WipMemBlock": "274e23d6-bd01-427b-8f21-cbe97f9a8f36||Sequence: R016 ve11e/master r/434b28f1; Aug  7 2019 18:53:46 by eja",
	"RefLinesPE": 32,
	"ConsistencyInfo": "N4_VE11E_LATEST_20181129",
	"PercentPhaseFOV": 100,
	"EchoTrainLength": 53,
	"PhaseEncodingSteps": 106,
	"AcquisitionMatrixPE": 106,
	"ReconMatrixPE": 106,
	"BandwidthPerPixelPhaseEncode": 33.102,
	"ParallelReductionFactorInPlane": 2,
	"EffectiveEchoSpacing": 0.000284997,
	"DerivedVendorReportedEchoSpacing": 0.000569994,
	"TotalReadoutTime": 0.0299247,
	"PixelBandwidth": 2145,
	"DwellTime": 2.2e-06,
	"PhaseEncodingDirection": "j-",
	"SliceTiming": [
		0,
		0.0625,
		0.1225,
		0.185,
		0.245,
		0.3075,
		0.3675,
		0.43,
		0.49,
		0.5525,
		0.6125,
		0.675,
		0.735,
		0.7975,
		0.8575,
		0.92,
		0.98,
		1.04,
		1.1025,
		1.1625,
		1.225,
		1.285,
		1.3475,
		1.4075,
		1.47,
		1.53,
		1.5925,
		1.6525,
		1.715,
		1.775,
		1.8375,
		1.8975,
		1.96,
		2.02,
		2.0825,
		2.1425,
		2.205,
		2.265,
		2.3275,
		2.3875,
		2.45,
		2.51,
		2.5725,
		2.6325,
		2.695,
		2.755,
		2.8175,
		2.8775,
		2.94,
		3,
		3.0625,
		3.1225,
		3.185,
		3.245,
		3.3075,
		3.3675,
		3.43,
		3.49,
		3.5525,
		3.6125,
		3.675,
		3.735,
		3.7975,
		3.8575	],
	"ImageOrientationPatientDICOM": [
		0.999543,
		0.0216474,
		0.0210777,
		-0.00209352,
		0.745562,
		-0.666433	],
	"InPlanePhaseEncodingDirectionDICOM": "COL",
	"ConversionSoftware": "dcm2niix",
	"ConversionSoftwareVersion": "v1.0.20190902"
}
