{
	"Modality": "MR",
	"MagneticFieldStrength": 3,
	"ImagingFrequency": 123.26,
	"Manufacturer": "Siemens",
	"ManufacturersModelName": "Prisma",
	"InstitutionName": "Tel-Aviv_University",
	"InstitutionalDepartmentName": "Department",
	"InstitutionAddress": "Street_StreetNo_._District_IL_ZIP",
	"DeviceSerialNumber": "66024",
	"StationName": "AWP66024",
	"BodyPartExamined": "BRAIN",
	"PatientPosition": "HFS",
	"ProcedureStepDescription": "TS_lab_Rani",
	"SoftwareVersions": "syngo_MR_E11",
	"MRAcquisitionType": "2D",
	"SeriesDescription": "cmrr_mbep2d_diff_AP_64dir_D28.2d9.1",
	"ProtocolName": "cmrr_mbep2d_diff_AP_64dir_D28.2d9.1",
	"ScanningSequence": "EP",
	"SequenceVariant": "SK_SS",
	"ScanOptions": "PFP_FS",
	"SequenceName": "ep_b5#1",
	"ImageType": ["ORIGINAL", "PRIMARY", "DIFFUSION", "NONE", "MB", "ND", "NORM", "MOSAIC"],
	"SeriesNumber": 3,
	"AcquisitionTime": "17:17:31.472500",
	"AcquisitionNumber": 1,
	"ImageComments": "Unaliased_MB2_PE4_LB_SENSE1",
	"SliceThickness": 1.7,
	"SpacingBetweenSlices": 1.7,
	"SAR": 0.173698,
	"EchoTime": 0.0594,
	"RepetitionTime": 4,
	"FlipAngle": 78,
	"PartialFourier": 0.875,
	"BaseResolution": 100,
	"ShimSetting": [
		1877,
		-9545,
		2849,
		547,
		-9,
		112,
		-6,
		-31	],
	"DiffusionScheme": "Monopolar",
	"TxRefAmp": 239.456,
	"PhaseResolution": 1,
	"ReceiveCoilName": "HeadNeck_64",
	"ReceiveCoilActiveElements": "HC1-7;NC1",
	"PulseSequenceDetails": "%CustomerSeq%_cmrr_mbep2d_diff",
	"WipMemBlock": "03a8b5da-5309-49a0-b268-afa72efa3d81||Sequence: R016 ve11c/master r/e634e98; Dec 19 2017 11:11:25 by eja",
	"RefLinesPE": 32,
	"ConsistencyInfo": "N4_VE11C_LATEST_20160120",
	"MultibandAccelerationFactor": 2,
	"PercentPhaseFOV": 132,
	"EchoTrainLength": 57,
	"PhaseEncodingSteps": 114,
	"AcquisitionMatrixPE": 132,
	"ReconMatrixPE": 132,
	"BandwidthPerPixelPhaseEncode": 25.253,
	"ParallelReductionFactorInPlane": 2,
	"EffectiveEchoSpacing": 0.000299994,
	"DerivedVendorReportedEchoSpacing": 0.000599989,
	"TotalReadoutTime": 0.0392993,
	"PixelBandwidth": 1925,
	"DwellTime": 2.6e-06,
	"PhaseEncodingDirection": "j-",
	"SliceTiming": [
		0,
		2.9375,
		1.895,
		0.8525,
		3.79,
		2.7475,
		1.705,
		0.665,
		3.6025,
		2.56,
		1.5175,
		0.475,
		3.4125,
		2.37,
		1.3275,
		0.285,
		3.2225,
		2.18,
		1.1375,
		0.095,
		3.0325,
		1.99,
		0.9475,
		3.885,
		2.8425,
		1.8,
		0.7575,
		3.695,
		2.655,
		1.6125,
		0.57,
		3.5075,
		2.465,
		1.4225,
		0.38,
		3.3175,
		2.275,
		1.2325,
		0.19,
		3.1275,
		2.085,
		1.0425,
		0,
		2.9375,
		1.895,
		0.8525,
		3.79,
		2.7475,
		1.705,
		0.665,
		3.6025,
		2.56,
		1.5175,
		0.475,
		3.4125,
		2.37,
		1.3275,
		0.285,
		3.2225,
		2.18,
		1.1375,
		0.095,
		3.0325,
		1.99,
		0.9475,
		3.885,
		2.8425,
		1.8,
		0.7575,
		3.695,
		2.655,
		1.6125,
		0.57,
		3.5075,
		2.465,
		1.4225,
		0.38,
		3.3175,
		2.275,
		1.2325,
		0.19,
		3.1275,
		2.085,
		1.0425	],
	"ImageOrientationPatientDICOM": [
		0.999791,
		-0.0189105,
		0.00777673,
		0.019197,
		0.999071,
		-0.0385851	],
	"InPlanePhaseEncodingDirectionDICOM": "COL",
	"ConversionSoftware": "dcm2niix",
	"ConversionSoftwareVersion": "v1.0.20190902"
}
