{
	"Modality": "MR",
	"MagneticFieldStrength": 3,
	"ImagingFrequency": 123.26,
	"Manufacturer": "Siemens",
	"ManufacturersModelName": "Prisma",
	"InstitutionName": "Tel-Aviv_University",
	"InstitutionalDepartmentName": "Department",
	"InstitutionAddress": "Street_StreetNo_._District_IL_ZIP",
	"DeviceSerialNumber": "66024",
	"StationName": "AWP66024",
	"BodyPartExamined": "BRAIN",
	"PatientPosition": "HFS",
	"ProcedureStepDescription": "TS_lab_Rani",
	"SoftwareVersions": "syngo_MR_E11",
	"MRAcquisitionType": "2D",
	"SeriesDescription": "cmrr_mbep2d_192vol-task_SBRef",
	"ProtocolName": "cmrr_mbep2d_192vol-task",
	"ScanningSequence": "EP",
	"SequenceVariant": "SK_SS",
	"ScanOptions": "FS",
	"SequenceName": "epfid2d1_106",
	"ImageType": ["ORIGINAL", "PRIMARY", "M", "ND", "MOSAIC"],
	"SeriesNumber": 4,
	"AcquisitionTime": "19:08:59.790000",
	"AcquisitionNumber": 1,
	"ImageComments": "Single-band_reference",
	"SliceThickness": 2,
	"SpacingBetweenSlices": 2.4,
	"SAR": 0.0937971,
	"EchoTime": 0.03,
	"RepetitionTime": 1,
	"FlipAngle": 68,
	"PartialFourier": 1,
	"BaseResolution": 106,
	"ShimSetting": [
		1865,
		-9586,
		2828,
		366,
		-116,
		-295,
		-17,
		29	],
	"TxRefAmp": 238.155,
	"PhaseResolution": 1,
	"ReceiveCoilName": "HeadNeck_64",
	"ReceiveCoilActiveElements": "HC1-7;NC1",
	"PulseSequenceDetails": "%CustomerSeq%_cmrr_mbep2d_bold",
	"WipMemBlock": "6b4b6d0e-d445-48f6-b788-fa312cf783b2||Sequence: R016 ve11c/master r/e634e98; Dec 19 2017 11:00:25 by eja",
	"RefLinesPE": 32,
	"ConsistencyInfo": "N4_VE11C_LATEST_20160120",
	"PercentPhaseFOV": 100,
	"EchoTrainLength": 53,
	"PhaseEncodingSteps": 106,
	"AcquisitionMatrixPE": 106,
	"ReconMatrixPE": 106,
	"BandwidthPerPixelPhaseEncode": 33.102,
	"ParallelReductionFactorInPlane": 2,
	"EffectiveEchoSpacing": 0.000284997,
	"DerivedVendorReportedEchoSpacing": 0.000569994,
	"TotalReadoutTime": 0.0299247,
	"PixelBandwidth": 2145,
	"DwellTime": 2.2e-06,
	"PhaseEncodingDirection": "j-",
	"SliceTiming": [
		0,
		0.0625,
		0.1225,
		0.185,
		0.245,
		0.3075,
		0.3675,
		0.43,
		0.49,
		0.5525,
		0.6125,
		0.675,
		0.735,
		0.7975,
		0.8575,
		0.92,
		0.98,
		1.0425,
		1.1025,
		1.165,
		1.225,
		1.2875,
		1.3475,
		1.41,
		1.47,
		1.5325,
		1.5925,
		1.655,
		1.715,
		1.7775,
		1.8375,
		1.9,
		1.96,
		2.0225,
		2.0825,
		2.145,
		2.205,
		2.2675,
		2.3275,
		2.39,
		2.45,
		2.5125,
		2.5725,
		2.635,
		2.695,
		2.7575,
		2.8175,
		2.88,
		2.94,
		3.0025,
		3.0625,
		3.125,
		3.185,
		3.2475,
		3.3075,
		3.37,
		3.43,
		3.4925,
		3.5525,
		3.615,
		3.675,
		3.7375,
		3.7975,
		3.86	],
	"ImageOrientationPatientDICOM": [
		0.999996,
		0.00266405,
		-9.23307e-05,
		-0.00209441,
		0.763805,
		-0.645444	],
	"InPlanePhaseEncodingDirectionDICOM": "COL",
	"ConversionSoftware": "dcm2niix",
	"ConversionSoftwareVersion": "v1.0.20190902"
}
