{
	"Modality": "MR",
	"MagneticFieldStrength": 3,
	"ImagingFrequency": 123.26,
	"Manufacturer": "Siemens",
	"ManufacturersModelName": "Prisma",
	"InstitutionName": "Tel-Aviv_University",
	"InstitutionalDepartmentName": "Department",
	"InstitutionAddress": "Street_StreetNo_._District_IL_ZIP",
	"DeviceSerialNumber": "66024",
	"StationName": "AWP66024",
	"BodyPartExamined": "BRAIN",
	"PatientPosition": "HFS",
	"ProcedureStepDescription": "TS_lab_Rani",
	"SoftwareVersions": "syngo_MR_E11",
	"MRAcquisitionType": "2D",
	"SeriesDescription": "cmrr_mbep2d_192vol-task_SBRef",
	"ProtocolName": "cmrr_mbep2d_192vol-task",
	"ScanningSequence": "EP",
	"SequenceVariant": "SK_SS",
	"ScanOptions": "FS",
	"SequenceName": "epfid2d1_106",
	"ImageType": ["ORIGINAL", "PRIMARY", "M", "ND", "MOSAIC"],
	"SeriesNumber": 2,
	"AcquisitionTime": "17:28:56.527500",
	"AcquisitionNumber": 1,
	"ImageComments": "Single-band_reference",
	"SliceThickness": 2,
	"SpacingBetweenSlices": 2.4,
	"SAR": 0.0902843,
	"EchoTime": 0.03,
	"RepetitionTime": 1,
	"FlipAngle": 68,
	"PartialFourier": 1,
	"BaseResolution": 106,
	"ShimSetting": [
		1883,
		-9604,
		2786,
		415,
		-96,
		-349,
		42,
		-6	],
	"TxRefAmp": 235.134,
	"PhaseResolution": 1,
	"ReceiveCoilName": "HeadNeck_64",
	"ReceiveCoilActiveElements": "HC1-7;NC1",
	"PulseSequenceDetails": "%CustomerSeq%_cmrr_mbep2d_bold",
	"WipMemBlock": "eba3fdd0-c151-4ea8-b8d8-81b3e84db16d||Sequence: R016 ve11c/master r/e634e98; Dec 19 2017 11:00:25 by eja",
	"RefLinesPE": 32,
	"ConsistencyInfo": "N4_VE11C_LATEST_20160120",
	"PercentPhaseFOV": 100,
	"EchoTrainLength": 53,
	"PhaseEncodingSteps": 106,
	"AcquisitionMatrixPE": 106,
	"ReconMatrixPE": 106,
	"BandwidthPerPixelPhaseEncode": 33.102,
	"ParallelReductionFactorInPlane": 2,
	"EffectiveEchoSpacing": 0.000284997,
	"DerivedVendorReportedEchoSpacing": 0.000569994,
	"TotalReadoutTime": 0.0299247,
	"PixelBandwidth": 2145,
	"DwellTime": 2.2e-06,
	"PhaseEncodingDirection": "j-",
	"SliceTiming": [
		0,
		0.06,
		0.1225,
		0.1825,
		0.245,
		0.305,
		0.3675,
		0.4275,
		0.49,
		0.55,
		0.6125,
		0.6725,
		0.735,
		0.795,
		0.8575,
		0.9175,
		0.98,
		1.04,
		1.1025,
		1.1625,
		1.225,
		1.285,
		1.3475,
		1.4075,
		1.47,
		1.53,
		1.5925,
		1.6525,
		1.715,
		1.775,
		1.8375,
		1.8975,
		1.96,
		2.02,
		2.0825,
		2.1425,
		2.205,
		2.265,
		2.3275,
		2.3875,
		2.4475,
		2.51,
		2.57,
		2.6325,
		2.6925,
		2.755,
		2.815,
		2.8775,
		2.9375,
		3,
		3.06,
		3.1225,
		3.1825,
		3.245,
		3.305,
		3.3675,
		3.4275,
		3.49,
		3.55,
		3.6125,
		3.6725,
		3.735,
		3.795,
		3.8575	],
	"ImageOrientationPatientDICOM": [
		0.999326,
		0.025437,
		0.0264595,
		-0.00209302,
		0.75922,
		-0.650831	],
	"InPlanePhaseEncodingDirectionDICOM": "COL",
	"ConversionSoftware": "dcm2niix",
	"ConversionSoftwareVersion": "v1.0.20190902"
}
