{
	"Modality": "MR",
	"MagneticFieldStrength": 3,
	"ImagingFrequency": 123.257,
	"Manufacturer": "Siemens",
	"ManufacturersModelName": "Prisma",
	"InstitutionName": "Tel-Aviv_University",
	"InstitutionalDepartmentName": "Department",
	"InstitutionAddress": "Street_StreetNo_._District_IL_ZIP",
	"DeviceSerialNumber": "66024",
	"StationName": "AWP66024",
	"BodyPartExamined": "BRAIN",
	"PatientPosition": "HFS",
	"ProcedureStepDescription": "TS_lab_Rani",
	"SoftwareVersions": "syngo_MR_E11",
	"MRAcquisitionType": "2D",
	"SeriesDescription": "cmrr_mbep2d_192vol-task_SBRef",
	"ProtocolName": "cmrr_mbep2d_192vol-task",
	"ScanningSequence": "EP",
	"SequenceVariant": "SK_SS",
	"ScanOptions": "FS",
	"SequenceName": "epfid2d1_106",
	"ImageType": ["ORIGINAL", "PRIMARY", "M", "ND", "MOSAIC"],
	"SeriesNumber": 2,
	"AcquisitionTime": "13:43:13.020000",
	"AcquisitionNumber": 1,
	"ImageComments": "Single-band_reference",
	"SliceThickness": 2,
	"SpacingBetweenSlices": 2.4,
	"SAR": 0.112534,
	"EchoTime": 0.03,
	"RepetitionTime": 1,
	"FlipAngle": 68,
	"PartialFourier": 1,
	"BaseResolution": 106,
	"ShimSetting": [
		1931,
		-9699,
		2793,
		537,
		-74,
		-86,
		63,
		-24	],
	"TxRefAmp": 246.757,
	"PhaseResolution": 1,
	"ReceiveCoilName": "HeadNeck_64",
	"ReceiveCoilActiveElements": "HC1-7;NC1",
	"PulseSequenceDetails": "%CustomerSeq%_cmrr_mbep2d_bold",
	"WipMemBlock": "fc7e6e27-24e1-40a5-bae4-0ce2979e930f||Sequence: R016 ve11e/master r/434b28f1; Aug  7 2019 18:53:46 by eja",
	"RefLinesPE": 32,
	"ConsistencyInfo": "N4_VE11E_LATEST_20181129",
	"PercentPhaseFOV": 100,
	"EchoTrainLength": 53,
	"PhaseEncodingSteps": 106,
	"AcquisitionMatrixPE": 106,
	"ReconMatrixPE": 106,
	"BandwidthPerPixelPhaseEncode": 33.102,
	"ParallelReductionFactorInPlane": 2,
	"EffectiveEchoSpacing": 0.000284997,
	"DerivedVendorReportedEchoSpacing": 0.000569994,
	"TotalReadoutTime": 0.0299247,
	"PixelBandwidth": 2145,
	"DwellTime": 2.2e-06,
	"PhaseEncodingDirection": "j-",
	"SliceTiming": [
		0,
		0.06,
		0.1225,
		0.1825,
		0.245,
		0.305,
		0.3675,
		0.4275,
		0.49,
		0.55,
		0.6125,
		0.6725,
		0.735,
		0.795,
		0.8575,
		0.9175,
		0.98,
		1.04,
		1.1025,
		1.1625,
		1.225,
		1.285,
		1.3475,
		1.4075,
		1.47,
		1.53,
		1.5925,
		1.6525,
		1.715,
		1.775,
		1.8375,
		1.8975,
		1.96,
		2.02,
		2.0825,
		2.1425,
		2.205,
		2.265,
		2.3275,
		2.3875,
		2.45,
		2.51,
		2.5725,
		2.6325,
		2.695,
		2.755,
		2.8175,
		2.8775,
		2.94,
		3,
		3.0625,
		3.1225,
		3.185,
		3.245,
		3.3075,
		3.3675,
		3.43,
		3.49,
		3.5525,
		3.6125,
		3.675,
		3.735,
		3.7975,
		3.8575	],
	"ImageOrientationPatientDICOM": [
		0.998133,
		0.0387432,
		0.0472256,
		-0.00209053,
		0.794335,
		-0.607476	],
	"InPlanePhaseEncodingDirectionDICOM": "COL",
	"ConversionSoftware": "dcm2niix",
	"ConversionSoftwareVersion": "v1.0.20190902"
}
