{
	"Modality": "MR",
	"MagneticFieldStrength": 3,
	"ImagingFrequency": 123.26,
	"Manufacturer": "Siemens",
	"ManufacturersModelName": "Prisma",
	"InstitutionName": "Tel-Aviv_University",
	"InstitutionalDepartmentName": "Department",
	"InstitutionAddress": "Street_StreetNo_._District_IL_ZIP",
	"DeviceSerialNumber": "66024",
	"StationName": "AWP66024",
	"BodyPartExamined": "BRAIN",
	"PatientPosition": "HFS",
	"ProcedureStepDescription": "TS_lab_Rani",
	"SoftwareVersions": "syngo_MR_E11",
	"MRAcquisitionType": "2D",
	"SeriesDescription": "cmrr_mbep2d_492vol-task",
	"ProtocolName": "cmrr_mbep2d_492vol-task",
	"ScanningSequence": "EP",
	"SequenceVariant": "SK_SS",
	"ScanOptions": "FS",
	"SequenceName": "epfid2d1_106",
	"ImageType": ["ORIGINAL", "PRIMARY", "M", "MB", "ND", "MOSAIC"],
	"SeriesNumber": 13,
	"AcquisitionTime": "18:17:12.872500",
	"AcquisitionNumber": 1,
	"ImageComments": "Unaliased_MB4_PE4_LB",
	"SliceThickness": 2,
	"SpacingBetweenSlices": 2.4,
	"SAR": 0.106637,
	"EchoTime": 0.03,
	"RepetitionTime": 1,
	"FlipAngle": 68,
	"PartialFourier": 1,
	"BaseResolution": 106,
	"ShimSetting": [
		1886,
		-9594,
		2866,
		178,
		-115,
		-330,
		192,
		-12	],
	"TxRefAmp": 262.834,
	"PhaseResolution": 1,
	"ReceiveCoilName": "HeadNeck_64",
	"ReceiveCoilActiveElements": "HC1-7;NC1",
	"PulseSequenceDetails": "%CustomerSeq%_cmrr_mbep2d_bold",
	"WipMemBlock": "ae2f5bf4-ff3a-44e5-a29a-b1392ebb8034||Sequence: R016 ve11c/master r/e634e98; Dec 19 2017 11:00:25 by eja",
	"RefLinesPE": 32,
	"ConsistencyInfo": "N4_VE11C_LATEST_20160120",
	"MultibandAccelerationFactor": 4,
	"PercentPhaseFOV": 100,
	"EchoTrainLength": 53,
	"PhaseEncodingSteps": 106,
	"AcquisitionMatrixPE": 106,
	"ReconMatrixPE": 106,
	"BandwidthPerPixelPhaseEncode": 33.102,
	"ParallelReductionFactorInPlane": 2,
	"EffectiveEchoSpacing": 0.000284997,
	"DerivedVendorReportedEchoSpacing": 0.000569994,
	"TotalReadoutTime": 0.0299247,
	"PixelBandwidth": 2145,
	"DwellTime": 2.2e-06,
	"PhaseEncodingDirection": "j-",
	"SliceTiming": [
		0,
		0.43,
		0.8575,
		0.3075,
		0.735,
		0.185,
		0.6125,
		0.0625,
		0.49,
		0.92,
		0.3675,
		0.7975,
		0.245,
		0.675,
		0.1225,
		0.5525,
		0,
		0.43,
		0.8575,
		0.3075,
		0.735,
		0.185,
		0.6125,
		0.0625,
		0.49,
		0.92,
		0.3675,
		0.7975,
		0.245,
		0.675,
		0.1225,
		0.5525,
		0,
		0.43,
		0.8575,
		0.3075,
		0.735,
		0.185,
		0.6125,
		0.0625,
		0.49,
		0.92,
		0.3675,
		0.7975,
		0.245,
		0.675,
		0.1225,
		0.5525,
		0,
		0.43,
		0.8575,
		0.3075,
		0.735,
		0.185,
		0.6125,
		0.0625,
		0.49,
		0.92,
		0.3675,
		0.7975,
		0.245,
		0.675,
		0.1225,
		0.5525	],
	"ImageOrientationPatientDICOM": [
		0.999973,
		0.0063562,
		0.00356695,
		-0.0020944,
		0.719328,
		-0.694667	],
	"InPlanePhaseEncodingDirectionDICOM": "COL",
	"ConversionSoftware": "dcm2niix",
	"ConversionSoftwareVersion": "v1.0.20190902"
}
