{
	"Modality": "MR",
	"MagneticFieldStrength": 3,
	"ImagingFrequency": 123.257,
	"Manufacturer": "Siemens",
	"ManufacturersModelName": "Prisma",
	"InstitutionName": "Tel-Aviv_University",
	"InstitutionalDepartmentName": "Department",
	"InstitutionAddress": "Street_StreetNo_._District_IL_ZIP",
	"DeviceSerialNumber": "66024",
	"StationName": "AWP66024",
	"BodyPartExamined": "BRAIN",
	"PatientPosition": "HFS",
	"ProcedureStepDescription": "TS_lab_Rani",
	"SoftwareVersions": "syngo_MR_E11",
	"MRAcquisitionType": "2D",
	"SeriesDescription": "cmrr_mbep2d_192vol-task_SBRef",
	"ProtocolName": "cmrr_mbep2d_192vol-task",
	"ScanningSequence": "EP",
	"SequenceVariant": "SK_SS",
	"ScanOptions": "FS",
	"SequenceName": "epfid2d1_106",
	"ImageType": ["ORIGINAL", "PRIMARY", "M", "ND", "MOSAIC"],
	"SeriesNumber": 2,
	"AcquisitionTime": "15:06:50.987500",
	"AcquisitionNumber": 1,
	"ImageComments": "Single-band_reference",
	"SliceThickness": 2,
	"SpacingBetweenSlices": 2.4,
	"SAR": 0.1008,
	"EchoTime": 0.03,
	"RepetitionTime": 1,
	"FlipAngle": 68,
	"PartialFourier": 1,
	"BaseResolution": 106,
	"ShimSetting": [
		1897,
		-9676,
		2777,
		392,
		-125,
		-76,
		-58,
		89	],
	"TxRefAmp": 225.677,
	"PhaseResolution": 1,
	"ReceiveCoilName": "HeadNeck_64",
	"ReceiveCoilActiveElements": "HC1-7;NC1",
	"PulseSequenceDetails": "%CustomerSeq%_cmrr_mbep2d_bold",
	"WipMemBlock": "8ff7e2c2-debc-4377-8d5c-2a0b8448b4f5||Sequence: R016 ve11e/master r/434b28f1; Aug  7 2019 18:53:46 by eja",
	"RefLinesPE": 32,
	"ConsistencyInfo": "N4_VE11E_LATEST_20181129",
	"PercentPhaseFOV": 100,
	"EchoTrainLength": 53,
	"PhaseEncodingSteps": 106,
	"AcquisitionMatrixPE": 106,
	"ReconMatrixPE": 106,
	"BandwidthPerPixelPhaseEncode": 33.102,
	"ParallelReductionFactorInPlane": 2,
	"EffectiveEchoSpacing": 0.000284997,
	"DerivedVendorReportedEchoSpacing": 0.000569994,
	"TotalReadoutTime": 0.0299247,
	"PixelBandwidth": 2145,
	"DwellTime": 2.2e-06,
	"PhaseEncodingDirection": "j-",
	"SliceTiming": [
		0,
		0.0625,
		0.1225,
		0.185,
		0.245,
		0.3075,
		0.3675,
		0.43,
		0.49,
		0.5525,
		0.6125,
		0.675,
		0.735,
		0.7975,
		0.8575,
		0.92,
		0.98,
		1.0425,
		1.1025,
		1.165,
		1.225,
		1.2875,
		1.3475,
		1.41,
		1.47,
		1.5325,
		1.5925,
		1.655,
		1.715,
		1.7775,
		1.8375,
		1.9,
		1.96,
		2.02,
		2.0825,
		2.1425,
		2.205,
		2.265,
		2.3275,
		2.3875,
		2.45,
		2.51,
		2.5725,
		2.6325,
		2.695,
		2.755,
		2.8175,
		2.8775,
		2.94,
		3,
		3.0625,
		3.1225,
		3.185,
		3.245,
		3.3075,
		3.3675,
		3.43,
		3.49,
		3.5525,
		3.6125,
		3.675,
		3.735,
		3.7975,
		3.8575	],
	"ImageOrientationPatientDICOM": [
		0.999705,
		0.0184489,
		0.0157985,
		-0.00209378,
		0.713474,
		-0.700678	],
	"InPlanePhaseEncodingDirectionDICOM": "COL",
	"ConversionSoftware": "dcm2niix",
	"ConversionSoftwareVersion": "v1.0.20190902"
}
