{
	"Modality": "MR",
	"MagneticFieldStrength": 3,
	"ImagingFrequency": 123.26,
	"Manufacturer": "Siemens",
	"ManufacturersModelName": "Prisma",
	"InstitutionName": "Tel-Aviv_University",
	"InstitutionalDepartmentName": "Department",
	"InstitutionAddress": "Street_StreetNo_._District_IL_ZIP",
	"DeviceSerialNumber": "66024",
	"StationName": "AWP66024",
	"BodyPartExamined": "BRAIN",
	"PatientPosition": "HFS",
	"ProcedureStepDescription": "TS_lab_Rani",
	"SoftwareVersions": "syngo_MR_E11",
	"MRAcquisitionType": "2D",
	"SeriesDescription": "cmrr_mbep2d_192vol-task",
	"ProtocolName": "cmrr_mbep2d_192vol-task",
	"ScanningSequence": "EP",
	"SequenceVariant": "SK_SS",
	"ScanOptions": "FS",
	"SequenceName": "epfid2d1_106",
	"ImageType": ["ORIGINAL", "PRIMARY", "M", "MB", "ND", "MOSAIC"],
	"SeriesNumber": 5,
	"AcquisitionTime": "18:40:30.525000",
	"AcquisitionNumber": 1,
	"ImageComments": "Unaliased_MB4_PE4_LB",
	"SliceThickness": 2,
	"SpacingBetweenSlices": 2.4,
	"SAR": 0.0934327,
	"EchoTime": 0.03,
	"RepetitionTime": 1,
	"FlipAngle": 68,
	"PartialFourier": 1,
	"BaseResolution": 106,
	"ShimSetting": [
		1895,
		-9587,
		2814,
		471,
		-19,
		-180,
		0,
		-33	],
	"TxRefAmp": 230.07,
	"PhaseResolution": 1,
	"ReceiveCoilName": "HeadNeck_64",
	"ReceiveCoilActiveElements": "HC1-7;NC1",
	"PulseSequenceDetails": "%CustomerSeq%_cmrr_mbep2d_bold",
	"WipMemBlock": "3c3d31e1-cf21-4c23-a5c4-1de4b4b8b0d7||Sequence: R016 ve11c/master r/e634e98; Dec 19 2017 11:00:25 by eja",
	"RefLinesPE": 32,
	"ConsistencyInfo": "N4_VE11C_LATEST_20160120",
	"MultibandAccelerationFactor": 4,
	"PercentPhaseFOV": 100,
	"EchoTrainLength": 53,
	"PhaseEncodingSteps": 106,
	"AcquisitionMatrixPE": 106,
	"ReconMatrixPE": 106,
	"BandwidthPerPixelPhaseEncode": 33.102,
	"ParallelReductionFactorInPlane": 2,
	"EffectiveEchoSpacing": 0.000284997,
	"DerivedVendorReportedEchoSpacing": 0.000569994,
	"TotalReadoutTime": 0.0299247,
	"PixelBandwidth": 2145,
	"DwellTime": 2.2e-06,
	"PhaseEncodingDirection": "j-",
	"SliceTiming": [
		0,
		0.4275,
		0.8575,
		0.305,
		0.735,
		0.1825,
		0.6125,
		0.06,
		0.49,
		0.9175,
		0.3675,
		0.795,
		0.245,
		0.6725,
		0.1225,
		0.55,
		0,
		0.4275,
		0.8575,
		0.305,
		0.735,
		0.1825,
		0.6125,
		0.06,
		0.49,
		0.9175,
		0.3675,
		0.795,
		0.245,
		0.6725,
		0.1225,
		0.55,
		0,
		0.4275,
		0.8575,
		0.305,
		0.735,
		0.1825,
		0.6125,
		0.06,
		0.49,
		0.9175,
		0.3675,
		0.795,
		0.245,
		0.6725,
		0.1225,
		0.55,
		0,
		0.4275,
		0.8575,
		0.305,
		0.735,
		0.1825,
		0.6125,
		0.06,
		0.49,
		0.9175,
		0.3675,
		0.795,
		0.245,
		0.6725,
		0.1225,
		0.55	],
	"ImageOrientationPatientDICOM": [
		0.999655,
		0.0184958,
		0.0186419,
		-0.00209369,
		0.763759,
		-0.645498	],
	"InPlanePhaseEncodingDirectionDICOM": "COL",
	"ConversionSoftware": "dcm2niix",
	"ConversionSoftwareVersion": "v1.0.20190902"
}
