{
  "Modality": "MR",
  "MagneticFieldStrength": 3,
  "ImagingFrequency": 123.257,
  "Manufacturer": "Siemens",
  "ManufacturersModelName": "Prisma",
  "InstitutionName": "Tel-Aviv_University",
  "InstitutionalDepartmentName": "Department",
  "InstitutionAddress": "Street_StreetNo_._District_IL_ZIP",
  "DeviceSerialNumber": "66024",
  "StationName": "AWP66024",
  "BodyPartExamined": "BRAIN",
  "PatientPosition": "HFS",
  "ProcedureStepDescription": "TS_lab_Rani",
  "SoftwareVersions": "syngo_MR_E11",
  "MRAcquisitionType": "2D",
  "SeriesDescription": "SpinEchoFieldMap_fMRI_AP",
  "ProtocolName": "SpinEchoFieldMap_fMRI_AP",
  "ScanningSequence": "EP",
  "SequenceVariant": "SK",
  "ScanOptions": "FS",
  "SequenceName": "epse2d1_106",
  "ImageType": [
    "ORIGINAL",
    "PRIMARY",
    "M",
    "ND",
    "MOSAIC"
  ],
  "SeriesNumber": 10,
  "AcquisitionTime": "14:44:5.640000",
  "AcquisitionNumber": 1,
  "SliceThickness": 2,
  "SpacingBetweenSlices": 2.4,
  "SAR": 0.135834,
  "EchoTime": 0.0662,
  "RepetitionTime": 8,
  "FlipAngle": 90,
  "PartialFourier": 1,
  "BaseResolution": 106,
  "ShimSetting": [
    1909,
    -9721,
    2794,
    436,
    -70,
    -70,
    74,
    -2
  ],
  "TxRefAmp": 240.064,
  "PhaseResolution": 1,
  "VendorReportedEchoSpacing": 0.00057,
  "ReceiveCoilName": "HeadNeck_64",
  "ReceiveCoilActiveElements": "HC1-7;NC1",
  "PulseSequenceDetails": "%CustomerSeq%_cmrr_mbep2d_se",
  "WipMemBlock": "fc610983-6e24-4a20-aaa0-b0407f337b3b||Sequence: R016 ve11e/master r/434b28f1; Aug  7 2019 19:20:16 by eja",
  "RefLinesPE": 24,
  "ConsistencyInfo": "N4_VE11E_LATEST_20181129",
  "PercentPhaseFOV": 100,
  "EchoTrainLength": 53,
  "PhaseEncodingSteps": 106,
  "AcquisitionMatrixPE": 106,
  "ReconMatrixPE": 106,
  "BandwidthPerPixelPhaseEncode": 33.102,
  "ParallelReductionFactorInPlane": 2,
  "EffectiveEchoSpacing": 0.000284997,
  "DerivedVendorReportedEchoSpacing": 0.000569994,
  "TotalReadoutTime": 0.0299247,
  "PixelBandwidth": 2145,
  "DwellTime": 2.2e-06,
  "PhaseEncodingDirection": "j-",
  "SliceTiming": [
    3.99,
    0,
    4.115,
    0.125,
    4.24,
    0.25,
    4.3625,
    0.3725,
    4.4875,
    0.4975,
    4.6125,
    0.6225,
    4.7375,
    0.7475,
    4.8625,
    0.8725,
    4.9875,
    0.9975,
    5.1125,
    1.1225,
    5.235,
    1.2475,
    5.36,
    1.37,
    5.485,
    1.495,
    5.61,
    1.62,
    5.735,
    1.745,
    5.86,
    1.87,
    5.985,
    1.995,
    6.11,
    2.12,
    6.2325,
    2.245,
    6.3575,
    2.3675,
    6.4825,
    2.4925,
    6.6075,
    2.6175,
    6.7325,
    2.7425,
    6.8575,
    2.8675,
    6.9825,
    2.9925,
    7.1075,
    3.1175,
    7.23,
    3.2425,
    7.355,
    3.365,
    7.48,
    3.49,
    7.605,
    3.615,
    7.73,
    3.74,
    7.855,
    3.865
  ],
  "ImageOrientationPatientDICOM": [
    0.999995,
    -3.34728e-05,
    -0.00318178,
    -0.00209437,
    0.745876,
    -0.666082
  ],
  "InPlanePhaseEncodingDirectionDICOM": "COL",
  "ConversionSoftware": "dcm2niix",
  "ConversionSoftwareVersion": "v1.0.20190902",
  "IntendedFor": [
    "ses-1/func/sub-150_ses-1_task-extinction_bold.nii.gz",
    "ses-1/func/sub-150_ses-1_task-reacquisition_bold.nii.gz",
    "ses-1/func/sub-150_ses-1_task-rest_run-02_bold.nii.gz"
  ]
}