{
  "Modality": "MR",
  "MagneticFieldStrength": 3,
  "ImagingFrequency": 123.26,
  "Manufacturer": "Siemens",
  "ManufacturersModelName": "Prisma",
  "InstitutionName": "Tel-Aviv_University",
  "InstitutionalDepartmentName": "Department",
  "InstitutionAddress": "Street_StreetNo_._District_IL_ZIP",
  "DeviceSerialNumber": "66024",
  "StationName": "AWP66024",
  "BodyPartExamined": "BRAIN",
  "PatientPosition": "HFS",
  "ProcedureStepDescription": "TS_lab_Rani",
  "SoftwareVersions": "syngo_MR_E11",
  "MRAcquisitionType": "2D",
  "SeriesDescription": "SpinEchoFieldMap_fMRI_AP",
  "ProtocolName": "SpinEchoFieldMap_fMRI_AP",
  "ScanningSequence": "EP",
  "SequenceVariant": "SK",
  "ScanOptions": "FS",
  "SequenceName": "epse2d1_106",
  "ImageType": [
    "ORIGINAL",
    "PRIMARY",
    "M",
    "ND",
    "MOSAIC"
  ],
  "SeriesNumber": 7,
  "AcquisitionTime": "18:08:56.625000",
  "AcquisitionNumber": 1,
  "SliceThickness": 2,
  "SpacingBetweenSlices": 2.4,
  "SAR": 0.117881,
  "EchoTime": 0.0662,
  "RepetitionTime": 8,
  "FlipAngle": 90,
  "PartialFourier": 1,
  "BaseResolution": 106,
  "ShimSetting": [
    1863,
    -9534,
    2826,
    509,
    -56,
    -342,
    -68,
    19
  ],
  "TxRefAmp": 228.484,
  "PhaseResolution": 1,
  "VendorReportedEchoSpacing": 0.00057,
  "ReceiveCoilName": "HeadNeck_64",
  "ReceiveCoilActiveElements": "HC1-7;NC1",
  "PulseSequenceDetails": "%CustomerSeq%_cmrr_mbep2d_se",
  "WipMemBlock": "b77dc203-a735-4c40-9115-d8051b2464a2||Sequence: R016 ve11c/master r/e634e98; Dec 19 2017 11:22:56 by eja",
  "RefLinesPE": 24,
  "ConsistencyInfo": "N4_VE11C_LATEST_20160120",
  "PercentPhaseFOV": 100,
  "EchoTrainLength": 53,
  "PhaseEncodingSteps": 106,
  "AcquisitionMatrixPE": 106,
  "ReconMatrixPE": 106,
  "BandwidthPerPixelPhaseEncode": 33.102,
  "ParallelReductionFactorInPlane": 2,
  "EffectiveEchoSpacing": 0.000284997,
  "DerivedVendorReportedEchoSpacing": 0.000569994,
  "TotalReadoutTime": 0.0299247,
  "PixelBandwidth": 2145,
  "DwellTime": 2.2e-06,
  "PhaseEncodingDirection": "j-",
  "SliceTiming": [
    3.99,
    0,
    4.115,
    0.125,
    4.24,
    0.25,
    4.365,
    0.375,
    4.4875,
    0.4975,
    4.6125,
    0.6225,
    4.7375,
    0.7475,
    4.8625,
    0.8725,
    4.9875,
    0.9975,
    5.1125,
    1.1225,
    5.2375,
    1.2475,
    5.36,
    1.3725,
    5.485,
    1.495,
    5.61,
    1.62,
    5.735,
    1.745,
    5.86,
    1.87,
    5.985,
    1.995,
    6.11,
    2.12,
    6.235,
    2.245,
    6.3575,
    2.37,
    6.4825,
    2.4925,
    6.6075,
    2.6175,
    6.7325,
    2.7425,
    6.8575,
    2.8675,
    6.9825,
    2.9925,
    7.1075,
    3.1175,
    7.2325,
    3.2425,
    7.355,
    3.3675,
    7.48,
    3.49,
    7.605,
    3.615,
    7.73,
    3.74,
    7.855,
    3.865
  ],
  "ImageOrientationPatientDICOM": [
    0.999945,
    -0.00558424,
    -0.00890063,
    -0.00209428,
    0.724165,
    -0.689623
  ],
  "InPlanePhaseEncodingDirectionDICOM": "COL",
  "ConversionSoftware": "dcm2niix",
  "ConversionSoftwareVersion": "v1.0.20190902",
  "IntendedFor": [
    "ses-3/func/sub-212_ses-3_task-extinction_bold.nii.gz",
    "ses-3/func/sub-212_ses-3_task-reacquisition_bold.nii.gz",
    "ses-3/func/sub-212_ses-3_task-rest_run-02_bold.nii.gz"
  ]
}