{
	"Modality": "MR",
	"MagneticFieldStrength": 3,
	"ImagingFrequency": 123.257,
	"Manufacturer": "Siemens",
	"ManufacturersModelName": "Prisma",
	"InstitutionName": "Tel-Aviv_University",
	"InstitutionalDepartmentName": "Department",
	"InstitutionAddress": "Street_StreetNo_._District_IL_ZIP",
	"DeviceSerialNumber": "66024",
	"StationName": "AWP66024",
	"BodyPartExamined": "BRAIN",
	"PatientPosition": "HFS",
	"ProcedureStepDescription": "TS_lab_Rani",
	"SoftwareVersions": "syngo_MR_E11",
	"MRAcquisitionType": "2D",
	"SeriesDescription": "cmrr_mbep2d_diff_PA_SBRef",
	"ProtocolName": "cmrr_mbep2d_diff_PA",
	"ScanningSequence": "EP",
	"SequenceVariant": "SK_SS",
	"ScanOptions": "PFP_FS",
	"SequenceName": "epse2d1_132",
	"ImageType": ["ORIGINAL", "PRIMARY", "M", "ND", "NORM", "MOSAIC"],
	"SeriesNumber": 14,
	"AcquisitionTime": "14:07:52.470000",
	"AcquisitionNumber": 1,
	"ImageComments": "Single-band_reference_SENSE1",
	"SliceThickness": 1.7,
	"SpacingBetweenSlices": 1.7,
	"SAR": 0.112354,
	"EchoTime": 0.0594,
	"RepetitionTime": 4,
	"FlipAngle": 78,
	"PartialFourier": 0.875,
	"BaseResolution": 100,
	"ShimSetting": [
		1940,
		-9701,
		2771,
		601,
		-71,
		227,
		163,
		3	],
	"TxRefAmp": 228.639,
	"PhaseResolution": 1,
	"ReceiveCoilName": "HeadNeck_64",
	"ReceiveCoilActiveElements": "HC1-7;NC1,2",
	"CoilString": "HC1-7;NC1_2",
	"PulseSequenceDetails": "%CustomerSeq%_cmrr_mbep2d_diff",
	"WipMemBlock": "dc808c40-2a7d-4cfe-95c0-1c9da7b562d3||Sequence: R016 ve11e/master r/434b28f1; Aug  7 2019 19:06:17 by eja",
	"RefLinesPE": 32,
	"ConsistencyInfo": "N4_VE11E_LATEST_20181129",
	"PercentPhaseFOV": 132,
	"EchoTrainLength": 57,
	"PhaseEncodingSteps": 114,
	"AcquisitionMatrixPE": 132,
	"ReconMatrixPE": 132,
	"BandwidthPerPixelPhaseEncode": 25.253,
	"ParallelReductionFactorInPlane": 2,
	"EffectiveEchoSpacing": 0.000299994,
	"DerivedVendorReportedEchoSpacing": 0.000599989,
	"TotalReadoutTime": 0.0392993,
	"PixelBandwidth": 1925,
	"DwellTime": 2.6e-06,
	"PhaseEncodingDirection": "j",
	"SliceTiming": [
		0,
		0.095,
		0.1875,
		0.2825,
		0.3775,
		0.4725,
		0.5675,
		0.6625,
		0.7575,
		0.8525,
		0.9475,
		1.0425,
		1.1375,
		1.23,
		1.325,
		1.42,
		1.515,
		1.61,
		1.705,
		1.8,
		1.895,
		1.99,
		2.085,
		2.1775,
		2.2725,
		2.3675,
		2.4625,
		2.5575,
		2.6525,
		2.7475,
		2.8425,
		2.9375,
		3.0325,
		3.125,
		3.22,
		3.315,
		3.41,
		3.505,
		3.6,
		3.695,
		3.79,
		3.885,
		3.98,
		4.075,
		4.1675,
		4.2625,
		4.3575,
		4.4525,
		4.5475,
		4.6425,
		4.7375,
		4.8325,
		4.9275,
		5.0225,
		5.115,
		5.21,
		5.305,
		5.4,
		5.495,
		5.59,
		5.685,
		5.78,
		5.875,
		5.97,
		6.065,
		6.1575,
		6.2525,
		6.3475,
		6.4425,
		6.5375,
		6.6325,
		6.7275,
		6.8225,
		6.9175,
		7.0125,
		7.105,
		7.2,
		7.295,
		7.39,
		7.485,
		7.58,
		7.675,
		7.77,
		7.865	],
	"ImageOrientationPatientDICOM": [
		0.999504,
		0.00820855,
		0.0303914,
		-0.00209331,
		0.9806,
		-0.19601	],
	"InPlanePhaseEncodingDirectionDICOM": "COL",
	"ConversionSoftware": "dcm2niix",
	"ConversionSoftwareVersion": "v1.0.20190902"
}
