{
	"Modality": "MR",
	"MagneticFieldStrength": 3,
	"ImagingFrequency": 123.257,
	"Manufacturer": "Siemens",
	"ManufacturersModelName": "Prisma",
	"InstitutionName": "Tel-Aviv_University",
	"InstitutionalDepartmentName": "Department",
	"InstitutionAddress": "Street_StreetNo_._District_IL_ZIP",
	"DeviceSerialNumber": "66024",
	"StationName": "AWP66024",
	"BodyPartExamined": "BRAIN",
	"PatientPosition": "HFS",
	"ProcedureStepDescription": "TS_lab_Rani",
	"SoftwareVersions": "syngo_MR_E11",
	"MRAcquisitionType": "2D",
	"SeriesDescription": "cmrr_mbep2d_diff_AP_64dir_D28.2d9.1",
	"ProtocolName": "cmrr_mbep2d_diff_AP_64dir_D28.2d9.1",
	"ScanningSequence": "EP",
	"SequenceVariant": "SK_SS",
	"ScanOptions": "PFP_FS",
	"SequenceName": "ep_b5#1",
	"ImageType": ["ORIGINAL", "PRIMARY", "DIFFUSION", "NONE", "MB", "ND", "NORM", "MOSAIC"],
	"SeriesNumber": 8,
	"AcquisitionTime": "16:36:43.407500",
	"AcquisitionNumber": 1,
	"ImageComments": "Unaliased_MB2_PE4_LB_SENSE1",
	"SliceThickness": 1.7,
	"SpacingBetweenSlices": 1.7,
	"SAR": 0.171168,
	"EchoTime": 0.0594,
	"RepetitionTime": 4,
	"FlipAngle": 78,
	"PartialFourier": 0.875,
	"BaseResolution": 100,
	"ShimSetting": [
		1885,
		-9665,
		2820,
		248,
		31,
		-16,
		207,
		-9	],
	"DiffusionScheme": "Monopolar",
	"TxRefAmp": 249.219,
	"PhaseResolution": 1,
	"ReceiveCoilName": "HeadNeck_64",
	"ReceiveCoilActiveElements": "HC1-7;NC1",
	"PulseSequenceDetails": "%CustomerSeq%_cmrr_mbep2d_diff",
	"WipMemBlock": "3afa4387-1880-4927-b18d-ce1384f61ae3||Sequence: R016 ve11e/master r/434b28f1; Aug  7 2019 19:06:17 by eja",
	"RefLinesPE": 32,
	"ConsistencyInfo": "N4_VE11E_LATEST_20181129",
	"MultibandAccelerationFactor": 2,
	"PercentPhaseFOV": 132,
	"EchoTrainLength": 57,
	"PhaseEncodingSteps": 114,
	"AcquisitionMatrixPE": 132,
	"ReconMatrixPE": 132,
	"BandwidthPerPixelPhaseEncode": 25.253,
	"ParallelReductionFactorInPlane": 2,
	"EffectiveEchoSpacing": 0.000299994,
	"DerivedVendorReportedEchoSpacing": 0.000599989,
	"TotalReadoutTime": 0.0392993,
	"PixelBandwidth": 1925,
	"DwellTime": 2.6e-06,
	"PhaseEncodingDirection": "j-",
	"SliceTiming": [
		0,
		2.9375,
		1.895,
		0.8525,
		3.79,
		2.7475,
		1.705,
		0.6625,
		3.6,
		2.5575,
		1.515,
		0.4725,
		3.41,
		2.3675,
		1.325,
		0.285,
		3.2225,
		2.18,
		1.1375,
		0.095,
		3.0325,
		1.99,
		0.9475,
		3.885,
		2.8425,
		1.8,
		0.7575,
		3.695,
		2.6525,
		1.61,
		0.5675,
		3.505,
		2.4625,
		1.42,
		0.3775,
		3.315,
		2.2725,
		1.2325,
		0.19,
		3.1275,
		2.085,
		1.0425,
		0,
		2.9375,
		1.895,
		0.8525,
		3.79,
		2.7475,
		1.705,
		0.6625,
		3.6,
		2.5575,
		1.515,
		0.4725,
		3.41,
		2.3675,
		1.325,
		0.285,
		3.2225,
		2.18,
		1.1375,
		0.095,
		3.0325,
		1.99,
		0.9475,
		3.885,
		2.8425,
		1.8,
		0.7575,
		3.695,
		2.6525,
		1.61,
		0.5675,
		3.505,
		2.4625,
		1.42,
		0.3775,
		3.315,
		2.2725,
		1.2325,
		0.19,
		3.1275,
		2.085,
		1.0425	],
	"ImageOrientationPatientDICOM": [
		0.999985,
		-0.00291124,
		-0.00468893,
		0.00174531,
		0.972772,
		-0.231756	],
	"InPlanePhaseEncodingDirectionDICOM": "COL",
	"ConversionSoftware": "dcm2niix",
	"ConversionSoftwareVersion": "v1.0.20190902"
}
