{
	"Modality": "MR",
	"MagneticFieldStrength": 3,
	"ImagingFrequency": 123.257,
	"Manufacturer": "Siemens",
	"ManufacturersModelName": "Prisma",
	"InstitutionName": "Tel-Aviv_University",
	"InstitutionalDepartmentName": "Department",
	"InstitutionAddress": "Street_StreetNo_._District_IL_ZIP",
	"DeviceSerialNumber": "66024",
	"StationName": "AWP66024",
	"BodyPartExamined": "BRAIN",
	"PatientPosition": "HFS",
	"ProcedureStepDescription": "TS_lab_Rani",
	"SoftwareVersions": "syngo_MR_E11",
	"MRAcquisitionType": "2D",
	"SeriesDescription": "cmrr_mbep2d_diff_AP_64dir_D28.2d9.1_SBRef",
	"ProtocolName": "cmrr_mbep2d_diff_AP_64dir_D28.2d9.1",
	"ScanningSequence": "EP",
	"SequenceVariant": "SK_SS",
	"ScanOptions": "PFP_FS",
	"SequenceName": "epse2d1_132",
	"ImageType": ["ORIGINAL", "PRIMARY", "M", "ND", "NORM", "MOSAIC"],
	"SeriesNumber": 6,
	"AcquisitionTime": "09:53:21.020000",
	"AcquisitionNumber": 1,
	"ImageComments": "Single-band_reference_SENSE1",
	"SliceThickness": 1.7,
	"SpacingBetweenSlices": 1.7,
	"SAR": 0.171373,
	"EchoTime": 0.0594,
	"RepetitionTime": 4,
	"FlipAngle": 78,
	"PartialFourier": 0.875,
	"BaseResolution": 100,
	"ShimSetting": [
		1892,
		-9721,
		2781,
		576,
		-128,
		52,
		62,
		42	],
	"TxRefAmp": 239.444,
	"PhaseResolution": 1,
	"ReceiveCoilName": "HeadNeck_64",
	"ReceiveCoilActiveElements": "HC1-7;NC1",
	"PulseSequenceDetails": "%CustomerSeq%_cmrr_mbep2d_diff",
	"WipMemBlock": "fe2aea4a-730c-41e2-9eb4-6b8f3b017cb4||Sequence: R016 ve11e/master r/434b28f1; Aug  7 2019 19:06:17 by eja",
	"RefLinesPE": 32,
	"ConsistencyInfo": "N4_VE11E_LATEST_20181129",
	"PercentPhaseFOV": 132,
	"EchoTrainLength": 57,
	"PhaseEncodingSteps": 114,
	"AcquisitionMatrixPE": 132,
	"ReconMatrixPE": 132,
	"BandwidthPerPixelPhaseEncode": 25.253,
	"ParallelReductionFactorInPlane": 2,
	"EffectiveEchoSpacing": 0.000299994,
	"DerivedVendorReportedEchoSpacing": 0.000599989,
	"TotalReadoutTime": 0.0392993,
	"PixelBandwidth": 1925,
	"DwellTime": 2.6e-06,
	"PhaseEncodingDirection": "j-",
	"SliceTiming": [
		0,
		0.095,
		0.19,
		0.285,
		0.38,
		0.475,
		0.57,
		0.665,
		0.76,
		0.855,
		0.9475,
		1.0425,
		1.1375,
		1.2325,
		1.3275,
		1.4225,
		1.5175,
		1.6125,
		1.7075,
		1.8025,
		1.8975,
		1.99,
		2.085,
		2.18,
		2.275,
		2.37,
		2.465,
		2.56,
		2.655,
		2.75,
		2.845,
		2.9375,
		3.0325,
		3.1275,
		3.2225,
		3.3175,
		3.4125,
		3.5075,
		3.6025,
		3.6975,
		3.7925,
		3.885,
		3.98,
		4.075,
		4.17,
		4.265,
		4.36,
		4.455,
		4.55,
		4.645,
		4.74,
		4.835,
		4.9275,
		5.0225,
		5.1175,
		5.2125,
		5.3075,
		5.4025,
		5.4975,
		5.5925,
		5.6875,
		5.7825,
		5.875,
		5.97,
		6.065,
		6.16,
		6.255,
		6.35,
		6.445,
		6.54,
		6.635,
		6.73,
		6.825,
		6.9175,
		7.0125,
		7.1075,
		7.2025,
		7.2975,
		7.3925,
		7.4875,
		7.5825,
		7.6775,
		7.7725,
		7.865	],
	"ImageOrientationPatientDICOM": [
		0.99824,
		-0.0547675,
		-0.0227388,
		0.0523156,
		0.993892,
		-0.097169	],
	"InPlanePhaseEncodingDirectionDICOM": "COL",
	"ConversionSoftware": "dcm2niix",
	"ConversionSoftwareVersion": "v1.0.20190902"
}
