{
	"Modality": "MR",
	"MagneticFieldStrength": 3,
	"ImagingFrequency": 123.26,
	"Manufacturer": "Siemens",
	"ManufacturersModelName": "Prisma",
	"InstitutionName": "Tel-Aviv_University",
	"InstitutionalDepartmentName": "Department",
	"InstitutionAddress": "Street_StreetNo_._District_IL_ZIP",
	"DeviceSerialNumber": "66024",
	"StationName": "AWP66024",
	"BodyPartExamined": "BRAIN",
	"PatientPosition": "HFS",
	"ProcedureStepDescription": "TS_lab_Rani",
	"SoftwareVersions": "syngo_MR_E11",
	"MRAcquisitionType": "2D",
	"SeriesDescription": "cmrr_mbep2d_492vol-task_SBRef",
	"ProtocolName": "cmrr_mbep2d_492vol-task",
	"ScanningSequence": "EP",
	"SequenceVariant": "SK_SS",
	"ScanOptions": "FS",
	"SequenceName": "epfid2d1_106",
	"ImageType": ["ORIGINAL", "PRIMARY", "M", "ND", "MOSAIC"],
	"SeriesNumber": 8,
	"AcquisitionTime": "17:22:50.777500",
	"AcquisitionNumber": 1,
	"ImageComments": "Single-band_reference",
	"SliceThickness": 2,
	"SpacingBetweenSlices": 2.4,
	"SAR": 0.0841641,
	"EchoTime": 0.03,
	"RepetitionTime": 1,
	"FlipAngle": 68,
	"PartialFourier": 1,
	"BaseResolution": 106,
	"ShimSetting": [
		1889,
		-9574,
		2840,
		349,
		-52,
		-227,
		32,
		12	],
	"TxRefAmp": 220.357,
	"PhaseResolution": 1,
	"ReceiveCoilName": "HeadNeck_64",
	"ReceiveCoilActiveElements": "HC1-7;NC1",
	"PulseSequenceDetails": "%CustomerSeq%_cmrr_mbep2d_bold",
	"WipMemBlock": "530b8116-817e-4ee5-9f39-276f049000a8||Sequence: R016 ve11c/master r/e634e98; Dec 19 2017 11:00:25 by eja",
	"RefLinesPE": 32,
	"ConsistencyInfo": "N4_VE11C_LATEST_20160120",
	"PercentPhaseFOV": 100,
	"EchoTrainLength": 53,
	"PhaseEncodingSteps": 106,
	"AcquisitionMatrixPE": 106,
	"ReconMatrixPE": 106,
	"BandwidthPerPixelPhaseEncode": 33.102,
	"ParallelReductionFactorInPlane": 2,
	"EffectiveEchoSpacing": 0.000284997,
	"DerivedVendorReportedEchoSpacing": 0.000569994,
	"TotalReadoutTime": 0.0299247,
	"PixelBandwidth": 2145,
	"DwellTime": 2.2e-06,
	"PhaseEncodingDirection": "j-",
	"SliceTiming": [
		0,
		0.0625,
		0.1225,
		0.185,
		0.245,
		0.3075,
		0.3675,
		0.43,
		0.49,
		0.5525,
		0.6125,
		0.675,
		0.735,
		0.7975,
		0.8575,
		0.92,
		0.98,
		1.0425,
		1.1025,
		1.165,
		1.225,
		1.2875,
		1.3475,
		1.41,
		1.47,
		1.5325,
		1.5925,
		1.655,
		1.715,
		1.7775,
		1.8375,
		1.9,
		1.96,
		2.0225,
		2.0825,
		2.145,
		2.205,
		2.2675,
		2.3275,
		2.39,
		2.45,
		2.5125,
		2.5725,
		2.635,
		2.695,
		2.7575,
		2.8175,
		2.8775,
		2.94,
		3,
		3.0625,
		3.1225,
		3.185,
		3.245,
		3.3075,
		3.3675,
		3.43,
		3.49,
		3.5525,
		3.6125,
		3.675,
		3.735,
		3.7975,
		3.8575	],
	"ImageOrientationPatientDICOM": [
		0.999973,
		0.00636243,
		0.00355587,
		-0.00209441,
		0.718115,
		-0.695922	],
	"InPlanePhaseEncodingDirectionDICOM": "COL",
	"ConversionSoftware": "dcm2niix",
	"ConversionSoftwareVersion": "v1.0.20190902"
}
