{
	"Modality": "MR",
	"MagneticFieldStrength": 3,
	"ImagingFrequency": 123.257,
	"Manufacturer": "Siemens",
	"ManufacturersModelName": "Prisma",
	"InstitutionName": "Tel-Aviv_University",
	"InstitutionalDepartmentName": "Department",
	"InstitutionAddress": "Street_StreetNo_._District_IL_ZIP",
	"DeviceSerialNumber": "66024",
	"StationName": "AWP66024",
	"BodyPartExamined": "BRAIN",
	"PatientPosition": "HFS",
	"ProcedureStepDescription": "TS_lab_Rani",
	"SoftwareVersions": "syngo_MR_E11",
	"MRAcquisitionType": "2D",
	"SeriesDescription": "cmrr_rsfMRI_600vol_SBRef",
	"ProtocolName": "cmrr_rsfMRI_600vol",
	"ScanningSequence": "EP",
	"SequenceVariant": "SK_SS",
	"ScanOptions": "FS",
	"SequenceName": "epfid2d1_106",
	"ImageType": ["ORIGINAL", "PRIMARY", "M", "ND", "MOSAIC"],
	"SeriesNumber": 4,
	"AcquisitionTime": "09:54:30.072500",
	"AcquisitionNumber": 1,
	"ImageComments": "Single-band_reference",
	"SliceThickness": 2,
	"SpacingBetweenSlices": 2.4,
	"SAR": 0.0984496,
	"EchoTime": 0.03,
	"RepetitionTime": 1,
	"FlipAngle": 68,
	"PartialFourier": 1,
	"BaseResolution": 106,
	"ShimSetting": [
		1894,
		-9729,
		2668,
		362,
		-35,
		-190,
		18,
		-15	],
	"TxRefAmp": 216.465,
	"PhaseResolution": 1,
	"ReceiveCoilName": "HeadNeck_64",
	"ReceiveCoilActiveElements": "HC1-7;NC1",
	"PulseSequenceDetails": "%CustomerSeq%_cmrr_mbep2d_bold",
	"WipMemBlock": "3d44a141-0104-4660-bcf1-4e5949c3bccc||Sequence: R016 ve11e/master r/434b28f1; Aug  7 2019 18:53:46 by eja",
	"RefLinesPE": 32,
	"ConsistencyInfo": "N4_VE11E_LATEST_20181129",
	"PercentPhaseFOV": 100,
	"EchoTrainLength": 53,
	"PhaseEncodingSteps": 106,
	"AcquisitionMatrixPE": 106,
	"ReconMatrixPE": 106,
	"BandwidthPerPixelPhaseEncode": 33.102,
	"ParallelReductionFactorInPlane": 2,
	"EffectiveEchoSpacing": 0.000284997,
	"DerivedVendorReportedEchoSpacing": 0.000569994,
	"TotalReadoutTime": 0.0299247,
	"PixelBandwidth": 2145,
	"DwellTime": 2.2e-06,
	"PhaseEncodingDirection": "j-",
	"SliceTiming": [
		0,
		0.06,
		0.1225,
		0.1825,
		0.245,
		0.305,
		0.365,
		0.4275,
		0.4875,
		0.55,
		0.61,
		0.6725,
		0.7325,
		0.795,
		0.855,
		0.9175,
		0.9775,
		1.04,
		1.1,
		1.1625,
		1.2225,
		1.285,
		1.345,
		1.4075,
		1.4675,
		1.53,
		1.59,
		1.6525,
		1.7125,
		1.775,
		1.835,
		1.8975,
		1.9575,
		2.02,
		2.08,
		2.1425,
		2.2025,
		2.265,
		2.325,
		2.3875,
		2.4475,
		2.51,
		2.57,
		2.6325,
		2.6925,
		2.755,
		2.815,
		2.8775,
		2.9375,
		3,
		3.06,
		3.1225,
		3.1825,
		3.245,
		3.305,
		3.3675,
		3.4275,
		3.49,
		3.55,
		3.6125,
		3.6725,
		3.735,
		3.795,
		3.8575	],
	"ImageOrientationPatientDICOM": [
		0.99903,
		0.00107492,
		0.0440197,
		0.0244157,
		0.81842,
		-0.574101	],
	"InPlanePhaseEncodingDirectionDICOM": "COL",
	"ConversionSoftware": "dcm2niix",
	"ConversionSoftwareVersion": "v1.0.20190902"
}
