{
	"Modality": "MR",
	"MagneticFieldStrength": 3,
	"ImagingFrequency": 123.257,
	"Manufacturer": "Siemens",
	"ManufacturersModelName": "Prisma",
	"InstitutionName": "Tel-Aviv_University",
	"InstitutionalDepartmentName": "Department",
	"InstitutionAddress": "Street_StreetNo_._District_IL_ZIP",
	"DeviceSerialNumber": "66024",
	"StationName": "AWP66024",
	"BodyPartExamined": "BRAIN",
	"PatientPosition": "HFS",
	"ProcedureStepDescription": "TS_lab_Rani",
	"SoftwareVersions": "syngo_MR_E11",
	"MRAcquisitionType": "3D",
	"SeriesDescription": "MPRAGE_EnchancedContrast",
	"ProtocolName": "MPRAGE_EnchancedContrast",
	"ScanningSequence": "GR_IR",
	"SequenceVariant": "SK_SP_MP",
	"ScanOptions": "IR",
	"SequenceName": "_tfl3d1_16",
	"ImageType": ["ORIGINAL", "PRIMARY", "M", "NORM", "DIS2D"],
	"SeriesNumber": 2,
	"AcquisitionTime": "15:47:42.517500",
	"AcquisitionNumber": 1,
	"SliceThickness": 1,
	"SAR": 0.0314602,
	"EchoTime": 0.00299,
	"RepetitionTime": 2.53,
	"InversionTime": 1.1,
	"FlipAngle": 7,
	"PartialFourier": 1,
	"BaseResolution": 224,
	"ShimSetting": [
		1896,
		-9689,
		2769,
		435,
		-43,
		-275,
		-67,
		-43	],
	"TxRefAmp": 233.014,
	"PhaseResolution": 1,
	"ReceiveCoilName": "HeadNeck_64",
	"ReceiveCoilActiveElements": "HC1-7;NC1",
	"PulseSequenceDetails": "%SiemensSeq%_tfl",
	"RefLinesPE": 32,
	"ConsistencyInfo": "N4_VE11E_LATEST_20181129",
	"PercentPhaseFOV": 100,
	"PhaseEncodingSteps": 223,
	"AcquisitionMatrixPE": 224,
	"ReconMatrixPE": 224,
	"ParallelReductionFactorInPlane": 2,
	"PixelBandwidth": 170,
	"DwellTime": 1.31e-05,
	"ImageOrientationPatientDICOM": [
		0.999973,
		0.00627364,
		0.00371024,
		-0.0020944,
		0.734903,
		-0.678169	],
	"InPlanePhaseEncodingDirectionDICOM": "COL",
	"ConversionSoftware": "dcm2niix",
	"ConversionSoftwareVersion": "v1.0.20190902"
}
