{
	"Modality": "MR",
	"MagneticFieldStrength": 3,
	"ImagingFrequency": 123.258,
	"Manufacturer": "Siemens",
	"ManufacturersModelName": "Prisma",
	"InstitutionName": "Tel-Aviv_University",
	"InstitutionalDepartmentName": "Department",
	"InstitutionAddress": "Street_StreetNo_._District_IL_ZIP",
	"DeviceSerialNumber": "66024",
	"StationName": "AWP66024",
	"BodyPartExamined": "BRAIN",
	"PatientPosition": "HFS",
	"ProcedureStepDescription": "TS_lab_Rani",
	"SoftwareVersions": "syngo_MR_E11",
	"MRAcquisitionType": "3D",
	"SeriesDescription": "MPRAGE_EnchancedContrast",
	"ProtocolName": "MPRAGE_EnchancedContrast",
	"ScanningSequence": "GR_IR",
	"SequenceVariant": "SK_SP_MP",
	"ScanOptions": "IR",
	"SequenceName": "_tfl3d1_16",
	"ImageType": ["ORIGINAL", "PRIMARY", "M", "NORM", "DIS2D"],
	"SeriesNumber": 6,
	"AcquisitionTime": "16:04:8.522500",
	"AcquisitionNumber": 1,
	"SliceThickness": 1,
	"SAR": 0.0331329,
	"EchoTime": 0.00299,
	"RepetitionTime": 2.53,
	"InversionTime": 1.1,
	"FlipAngle": 7,
	"PartialFourier": 1,
	"BaseResolution": 224,
	"ShimSetting": [
		1941,
		-9724,
		2789,
		302,
		-78,
		-210,
		-56,
		-1	],
	"TxRefAmp": 221.766,
	"PhaseResolution": 1,
	"ReceiveCoilName": "HeadNeck_64",
	"ReceiveCoilActiveElements": "HC1-7;NC1",
	"PulseSequenceDetails": "%SiemensSeq%_tfl",
	"RefLinesPE": 32,
	"ConsistencyInfo": "N4_VE11E_LATEST_20181129",
	"PercentPhaseFOV": 100,
	"PhaseEncodingSteps": 223,
	"AcquisitionMatrixPE": 224,
	"ReconMatrixPE": 224,
	"ParallelReductionFactorInPlane": 2,
	"PixelBandwidth": 170,
	"DwellTime": 1.31e-05,
	"ImageOrientationPatientDICOM": [
		0.999978,
		0.00531159,
		0.00386774,
		-0.00209428,
		0.815602,
		-0.578609	],
	"InPlanePhaseEncodingDirectionDICOM": "COL",
	"ConversionSoftware": "dcm2niix",
	"ConversionSoftwareVersion": "v1.0.20190902"
}
