{
	"Modality": "MR",
	"MagneticFieldStrength": 3,
	"ImagingFrequency": 123.257,
	"Manufacturer": "Siemens",
	"ManufacturersModelName": "Prisma",
	"InstitutionName": "Tel-Aviv_University",
	"InstitutionalDepartmentName": "Department",
	"InstitutionAddress": "Street_StreetNo_._District_IL_ZIP",
	"DeviceSerialNumber": "66024",
	"StationName": "AWP66024",
	"BodyPartExamined": "BRAIN",
	"PatientPosition": "HFS",
	"ProcedureStepDescription": "TS_lab_Rani",
	"SoftwareVersions": "syngo_MR_E11",
	"MRAcquisitionType": "2D",
	"SeriesDescription": "cmrr_mbep2d_diff_PA",
	"ProtocolName": "cmrr_mbep2d_diff_PA",
	"ScanningSequence": "EP",
	"SequenceVariant": "SK_SS",
	"ScanOptions": "PFP_FS",
	"SequenceName": "ep_b5#1",
	"ImageType": ["ORIGINAL", "PRIMARY", "DIFFUSION", "NONE", "MB", "ND", "NORM", "MOSAIC"],
	"SeriesNumber": 9,
	"AcquisitionTime": "11:13:19.467500",
	"AcquisitionNumber": 1,
	"ImageComments": "Unaliased_MB2_PE4_LB_SENSE1",
	"SliceThickness": 1.7,
	"SpacingBetweenSlices": 1.7,
	"SAR": 0.125228,
	"EchoTime": 0.0594,
	"RepetitionTime": 4,
	"FlipAngle": 78,
	"PartialFourier": 0.875,
	"BaseResolution": 100,
	"ShimSetting": [
		1904,
		-9705,
		2754,
		502,
		-115,
		78,
		35,
		-7	],
	"DiffusionScheme": "Monopolar",
	"TxRefAmp": 215.824,
	"PhaseResolution": 1,
	"ReceiveCoilName": "HeadNeck_64",
	"ReceiveCoilActiveElements": "HC1-7;NC1",
	"PulseSequenceDetails": "%CustomerSeq%_cmrr_mbep2d_diff",
	"WipMemBlock": "30f4c0d6-f15d-4c87-896d-a4b02807cf69||Sequence: R016 ve11e/master r/434b28f1; Aug  7 2019 19:06:17 by eja",
	"RefLinesPE": 32,
	"ConsistencyInfo": "N4_VE11E_LATEST_20181129",
	"MultibandAccelerationFactor": 2,
	"PercentPhaseFOV": 132,
	"EchoTrainLength": 57,
	"PhaseEncodingSteps": 114,
	"AcquisitionMatrixPE": 132,
	"ReconMatrixPE": 132,
	"BandwidthPerPixelPhaseEncode": 25.253,
	"ParallelReductionFactorInPlane": 2,
	"EffectiveEchoSpacing": 0.000299994,
	"DerivedVendorReportedEchoSpacing": 0.000599989,
	"TotalReadoutTime": 0.0392993,
	"PixelBandwidth": 1925,
	"DwellTime": 2.6e-06,
	"PhaseEncodingDirection": "j",
	"SliceTiming": [
		0,
		2.9375,
		1.895,
		0.8525,
		3.79,
		2.7475,
		1.705,
		0.6625,
		3.6,
		2.5575,
		1.515,
		0.475,
		3.4125,
		2.37,
		1.3275,
		0.285,
		3.2225,
		2.18,
		1.1375,
		0.095,
		3.0325,
		1.99,
		0.9475,
		3.885,
		2.8425,
		1.8,
		0.7575,
		3.695,
		2.6525,
		1.61,
		0.5675,
		3.505,
		2.4625,
		1.4225,
		0.38,
		3.3175,
		2.275,
		1.2325,
		0.19,
		3.1275,
		2.085,
		1.0425,
		0,
		2.9375,
		1.895,
		0.8525,
		3.79,
		2.7475,
		1.705,
		0.6625,
		3.6,
		2.5575,
		1.515,
		0.475,
		3.4125,
		2.37,
		1.3275,
		0.285,
		3.2225,
		2.18,
		1.1375,
		0.095,
		3.0325,
		1.99,
		0.9475,
		3.885,
		2.8425,
		1.8,
		0.7575,
		3.695,
		2.6525,
		1.61,
		0.5675,
		3.505,
		2.4625,
		1.4225,
		0.38,
		3.3175,
		2.275,
		1.2325,
		0.19,
		3.1275,
		2.085,
		1.0425	],
	"ImageOrientationPatientDICOM": [
		0.999943,
		0.00283773,
		0.0102952,
		-0.00209427,
		0.997437,
		-0.0715192	],
	"InPlanePhaseEncodingDirectionDICOM": "COL",
	"ConversionSoftware": "dcm2niix",
	"ConversionSoftwareVersion": "v1.0.20190902"
}
